GIT
  remote: git://github.com/cowboyd/therubyracer.git
  revision: 14e01345c9b5414873bb3532c09888ca60ff7a0e
  specs:
    therubyracer (0.12.1)
      libv8 (~> 3.16.14.0)
      ref

GIT
  remote: https://github.com/livingsocial/rake-pipeline.git
  revision: a75d96fbadcc659a35a0ae59212e0bc60b58cc54
  specs:
    rake-pipeline (0.8.0)
      json
      rake (~> 10.1.0)
      thor

GIT
  remote: https://github.com/wycats/rake-pipeline-web-filters.git
  revision: 1da44c399c11766064638d58d0348f61c3cc473f
  specs:
    rake-pipeline-web-filters (0.6.0)
      rack
      rake-pipeline (~> 0.6)

GEM
  remote: https://rubygems.org/
  specs:
    commonjs (0.2.7)
    json (1.8.1)
    less (2.5.0)
      commonjs (~> 0.2.7)
    libv8 (3.16.14.3)
    rack (1.5.2)
    rake (10.1.1)
    ref (1.0.5)
    thor (0.18.1)
    yui-compressor (0.12.0)

PLATFORMS
  ruby

DEPENDENCIES
  json
  less
  libv8
  rack
  rake-pipeline!
  rake-pipeline-web-filters!
  therubyracer!
  yui-compressor
